GEM
  remote: https://rubygems.org/
  specs:
    activesupport (4.1.6)
      i18n (~> 0.6, >= 0.6.9)
      json (~> 1.7, >= 1.7.7)
      minitest (~> 5.1)
      thread_safe (~> 0.1)
      tzinfo (~> 1.1)
    asciidoctor (1.5.1)
    coderay (1.1.0)
    colorize (0.7.3)
    diffy (3.0.6)
    haml (4.0.5)
      tilt
    htmlbeautifier (0.0.10)
    i18n (0.6.11)
    json (1.8.1)
    mini_portile (0.6.0)
    minitest (5.4.0)
    minitest-rg (5.1.0)
      minitest (~> 5.0)
    nokogiri (1.6.3.1)
      mini_portile (= 0.6.0)
    posix-spawn (0.3.9)
    pygments.rb (0.5.4)
      posix-spawn (~> 0.3.6)
      yajl-ruby (~> 1.1.0)
    rake (10.0.4)
    thread_safe (0.3.4)
    tilt (2.0.1)
    tzinfo (1.2.2)
      thread_safe (~> 0.1)
    yajl-ruby (1.1.0)

PLATFORMS
  ruby

DEPENDENCIES
  activesupport (~> 4.1.6)
  asciidoctor (~> 1.5.1)
  coderay
  colorize
  diffy
  haml
  htmlbeautifier (>= 0.0.10)
  minitest (~> 5.4.0)
  minitest-rg (~> 5.1.0)
  nokogiri (~> 1.6.0)
  pygments.rb
  rake
  thread_safe
  tilt
